GIT
  remote: git://github.com/RecastAI/SDK-ruby.git
  revision: add6a153da79a4ecff3efe5861a711bfd4ba200a
  branch: develop
  specs:
    RecastAI (3.0.0)
      httmultiparty (~> 0.3)
      httparty (~> 0.13)

GEM
  remote: https://rubygems.org/
  specs:
    figaro (1.1.1)
      thor (~> 0.14)
    httmultiparty (0.3.16)
      httparty (>= 0.7.3)
      mimemagic
      multipart-post
    httparty (0.14.0)
      multi_xml (>= 0.5.2)
    mimemagic (0.3.2)
    multi_xml (0.6.0)
    multipart-post (2.0.0)
    rack (1.6.5)
    rack-protection (1.5.3)
      rack
    sinatra (1.4.8)
      rack (~> 1.5)
      rack-protection (~> 1.4)
      tilt (>= 1.3, < 3)
    thor (0.19.4)
    tilt (2.0.7)

PLATFORMS
  ruby

DEPENDENCIES
  RecastAI!
  figaro (~> 1.1)
  sinatra (~> 1.4)

BUNDLED WITH
   1.14.5
