GEM
  remote: https://rubygems.org/
  specs:
    RecastAI (3.1.3)
      httmultiparty (~> 0.3)
      httparty (~> 0.13)
    httmultiparty (0.3.16)
      httparty (>= 0.7.3)
      mimemagic
      multipart-post
    httparty (0.15.6)
      multi_xml (>= 0.5.2)
    mimemagic (0.3.2)
    multi_xml (0.6.0)
    multipart-post (2.0.0)

PLATFORMS
  ruby

DEPENDENCIES
  RecastAI (~> 3.1)

BUNDLED WITH
   1.16.0.pre.2
